PATH
  remote: .
  specs:
    geo_ips (0.1.0)
      multi_json
      typhoeus (~> 0.3.3)

GEM
  remote: https://rubygems.org/
  specs:
    ZenTest (4.6.2)
    autotest (4.4.6)
      ZenTest (>= 4.4.1)
    diff-lcs (1.1.3)
    mime-types (1.17.2)
    multi_json (1.1.0)
    rspec (2.8.0)
      rspec-core (~> 2.8.0)
      rspec-expectations (~> 2.8.0)
      rspec-mocks (~> 2.8.0)
    rspec-core (2.8.0)
    rspec-expectations (2.8.0)
      diff-lcs (~> 1.1.2)
    rspec-mocks (2.8.0)
    typhoeus (0.3.3)
      mime-types
    vcr (2.0.0.rc2)

PLATFORMS
  ruby

DEPENDENCIES
  autotest
  geo_ips!
  rspec (~> 2.8.0)
  vcr (= 2.0.0rc2)
